PATH
  remote: .
  specs:
    rulers (0.0.1)
      minitest
      rack (~> 2.2)
      rack-test
      webrick

GEM
  remote: https://rubygems.org/
  specs:
    minitest (5.17.0)
    rack (2.2.6.2)
    rack-test (2.0.2)
      rack (>= 1.3)
    rake (10.5.0)
    webrick (1.8.1)

PLATFORMS
  arm64-darwin-21

DEPENDENCIES
  bundler (~> 2.4.1)
  rake (~> 10.0)
  rulers!

BUNDLED WITH
   2.4.1
