PATH
  remote: .
  specs:
    rulers (0.0.3)
      erubis
      minitest
      multi_json
      rack (~> 2.2)
      rack-test
      sqlite3 (~> 1.6.0)
      webrick

GEM
  remote: https://rubygems.org/
  specs:
    erubis (2.7.0)
    minitest (5.17.0)
    multi_json (1.15.0)
    rack (2.2.6.2)
    rack-test (2.0.2)
      rack (>= 1.3)
    rake (10.5.0)
    sqlite3 (1.6.0-arm64-darwin)
    sqlite3 (1.6.0-x86_64-darwin)
    webrick (1.8.1)

PLATFORMS
  arm64-darwin-21
  x86_64-darwin-22

DEPENDENCIES
  bundler (~> 2.4.1)
  rake (~> 10.0)
  rulers!

BUNDLED WITH
   2.4.1
